GIT
  remote: https://github.com/intrigueio/recog.git
  revision: d6be4b8008add1cc90c69b276c223cf7345e31f1
  specs:
    recog-intrigue (2.3.7)
      nokogiri

GEM
  remote: https://rubygems.org/
  specs:
    coderay (1.1.3)
    diff-lcs (1.3)
    hitimes (1.3.1)
    json (2.3.0)
    method_source (1.0.0)
    mini_portile2 (2.4.0)
    nokogiri (1.10.9)
      mini_portile2 (~> 2.4.0)
    pry (0.13.1)
      coderay (~> 1.1)
      method_source (~> 1.0)
    rspec-core (3.9.2)
      rspec-support (~> 3.9.3)
    rspec-expectations (3.9.2)
      diff-lcs (>= 1.2.0, < 2.0)
      rspec-support (~> 3.9.0)
    rspec-support (3.9.3)
    slop (4.8.1)
    snmp (1.3.2)
    socketry (0.5.1)
      hitimes (~> 1.2)

PLATFORMS
  ruby

DEPENDENCIES
  json
  pry
  recog-intrigue!
  rspec-core
  rspec-expectations
  slop
  snmp
  socketry

RUBY VERSION
   ruby 2.6.5p114

BUNDLED WITH
   2.1.4
